GEM
  remote: https://rubygems.org/
  specs:
    ffi (1.15.3)

PLATFORMS
  ruby
  x86_64-linux

DEPENDENCIES
  ffi

BUNDLED WITH
   2.2.25
